GEM
  remote: https://www.rubygems.org/
  specs:
    awesome_print (1.2.0)
    coderay (1.1.0)
    daemons (1.1.9)
    method_source (0.8.2)
    pry (0.9.12.6)
      coderay (~> 1.0)
      method_source (~> 0.8)
      slop (~> 3.4)
    slop (3.5.0)
    ts3query (0.5)

PLATFORMS
  ruby

DEPENDENCIES
  awesome_print
  daemons
  pry
  ts3query
